GEM
  remote: http://rubygems.org/
  specs:
    OptionParser (0.5.1)
    activesupport (3.0.0)
    etc (0.2.0)
    i18n (0.4.1)
    mail (2.2.6.1)
      activesupport (>= 2.3.6)
      mime-types
      treetop (>= 1.4.5)
    mime-types (1.16)
    net-ssh (2.0.23)
    polyglot (0.3.1)
    treetop (1.4.8)
      polyglot (>= 0.3.1)

PLATFORMS
  ruby

DEPENDENCIES
  OptionParser
  etc
  i18n
  mail
  net-ssh
